GEM
  remote: https://rubygems.org/
  specs:
    amazing_print (1.7.2)
    coderay (1.1.3)
    csv (3.2.8)
    date (3.3.4)
    ethon (0.16.0)
      ffi (>= 1.15.0)
    facets (3.1.0)
    ffi (1.17.1-arm64-darwin)
    json (2.7.2)
    logger (1.6.0)
    method_source (1.1.0)
    nokogiri (1.18.2-arm64-darwin)
      racc (~> 1.4)
    pry (0.15.2)
      coderay (~> 1.1)
      method_source (~> 1.0)
    racc (1.7.3)
    time (0.3.0)
      date
    typhoeus (1.4.1)
      ethon (>= 0.9.0)

PLATFORMS
  arm64-darwin

DEPENDENCIES
  amazing_print
  csv
  date
  facets
  ffi
  json
  logger
  nokogiri
  pry
  time
  typhoeus

BUNDLED WITH
   2.6.9
